GEM
  remote: http://rubygems.org/
  specs:
    kgio (2.7.4)
    opentok (0.0.91)
    rack (1.4.1)
    rack-contrib (1.1.0)
      rack (>= 0.9.1)
    rainbows (4.4.1)
      kgio (~> 2.5)
      rack (~> 1.1)
      unicorn (~> 4.1)
    raindrops (0.10.0)
    unicorn (4.3.1)
      kgio (~> 2.6)
      rack
      raindrops (~> 0.7)

PLATFORMS
  ruby
  x86-mingw32

DEPENDENCIES
  opentok
  rack
  rack-contrib
  rainbows
