GEM
  remote: http://rubygems.org/
  specs:
    opentok (0.0.91)
    rack (1.4.1)
    rack-contrib (1.1.0)
      rack (>= 0.9.1)

PLATFORMS
  ruby
  x86-mingw32

DEPENDENCIES
  opentok
  rack
  rack-contrib
